GEM
  remote: https://rubygems.org/
  remote: https://gem.fury.io/evertrue/
  specs:
    addressable (2.3.8)
    awesome_print (1.7.0)
    aws-pricing (0.7.0)
      httparty
      json
    backports (3.6.8)
    byebug (9.0.6)
    coderay (1.1.1)
    dinghy (3.0.2)
      awesome_print
      hashie
      highline
      jenkins_api_client (~> 1.4)
      thor
      unirest (~> 1.1)
    faraday (0.11.0)
      multipart-post (>= 1.2, < 3)
    hashie (3.5.5)
    highline (1.7.8)
    httparty (0.14.0)
      multi_xml (>= 0.5.2)
    jenkins_api_client (1.5.3)
      json (>= 1.0)
      mixlib-shellout (>= 1.1.0)
      nokogiri (~> 1.6)
      socksify (>= 1.7.0)
      terminal-table (>= 1.4.0)
      thor (>= 0.16.0)
    json (1.8.6)
    method_source (0.8.2)
    mime-types (1.25.1)
    mini_portile2 (2.1.0)
    mixlib-shellout (2.2.7)
    multi_json (1.12.1)
    multi_xml (0.6.0)
    multipart-post (2.0.0)
    nokogiri (1.7.1)
      mini_portile2 (~> 2.1.0)
    pry (0.10.4)
      coderay (~> 1.1.0)
      method_source (~> 0.8.1)
      slop (~> 3.4)
    rack (1.6.5)
    rack-protection (1.5.3)
      rack
    rack-test (0.6.3)
      rack (>= 1.0)
    rasem (0.7.1)
    rest-client (1.6.9)
      mime-types (~> 1.16)
    sentry-raven (2.3.0)
      faraday (>= 0.7.6, < 1.0)
    sinatra (1.4.8)
      rack (~> 1.5)
      rack-protection (~> 1.4)
      tilt (>= 1.3, < 3)
    sinatra-contrib (1.4.7)
      backports (>= 2.0)
      multi_json
      rack-protection
      rack-test
      sinatra (~> 1.4.0)
      tilt (>= 1.3, < 3)
    slop (3.6.0)
    socksify (1.7.1)
    terminal-table (1.7.3)
      unicode-display_width (~> 1.1.1)
    thor (0.19.4)
    tilt (2.0.7)
    unicode-display_width (1.1.3)
    unirest (1.1.2)
      addressable (~> 2.3.5)
      json (~> 1.8.1)
      rest-client (~> 1.6.7)
    vault (0.7.3)

PLATFORMS
  ruby

DEPENDENCIES
  aws-pricing
  byebug
  dinghy (~> 3.0)!
  pry
  rasem
  sentry-raven
  sinatra
  sinatra-contrib
  unirest
  vault

BUNDLED WITH
   1.13.3
